GEM
  remote: https://rubygems.org/
  specs:
    CFPropertyList (2.3.4)
    ProMotion (2.6.1)
      methadone (~> 1.7)
      motion_print (~> 1.0)
    activesupport (4.2.7.1)
      i18n (~> 0.7)
      json (~> 1.7, >= 1.7.7)
      minitest (~> 5.1)
      thread_safe (~> 0.3, >= 0.3.4)
      tzinfo (~> 1.1)
    addressable (2.3.8)
    afmotion (2.6)
      motion-cocoapods (>= 1.4.1)
      motion-require (>= 0.1)
    claide (1.0.1)
    cocoapods (1.1.1)
      activesupport (>= 4.0.2, < 5)
      claide (>= 1.0.1, < 2.0)
      cocoapods-core (= 1.1.1)
      cocoapods-deintegrate (>= 1.0.1, < 2.0)
      cocoapods-downloader (>= 1.1.2, < 2.0)
      cocoapods-plugins (>= 1.0.0, < 2.0)
      cocoapods-search (>= 1.0.0, < 2.0)
      cocoapods-stats (>= 1.0.0, < 2.0)
      cocoapods-trunk (>= 1.1.1, < 2.0)
      cocoapods-try (>= 1.1.0, < 2.0)
      colored (~> 1.2)
      escape (~> 0.0.4)
      fourflusher (~> 2.0.1)
      gh_inspector (~> 1.0)
      molinillo (~> 0.5.1)
      nap (~> 1.0)
      xcodeproj (>= 1.3.3, < 2.0)
    cocoapods-core (1.1.1)
      activesupport (>= 4.0.2, < 5)
      fuzzy_match (~> 2.0.4)
      nap (~> 1.0)
    cocoapods-deintegrate (1.0.1)
    cocoapods-downloader (1.1.2)
    cocoapods-plugins (1.0.0)
      nap
    cocoapods-search (1.0.0)
    cocoapods-stats (1.0.0)
    cocoapods-trunk (1.1.1)
      nap (>= 0.8, < 2.0)
      netrc (= 0.7.8)
    cocoapods-try (1.1.0)
    colored (1.2)
    commander (4.4.0)
      highline (~> 1.7.2)
    credentials_manager (0.16.2)
      colored
      commander (>= 4.3.5)
      highline (>= 1.7.1)
      security
    dbt (1.2.0)
    domain_name (0.5.20161021)
      unf (>= 0.0.5, < 1.0.0)
    escape (0.0.4)
    faraday (0.10.0)
      multipart-post (>= 1.2, < 3)
    faraday-cookie_jar (0.0.6)
      faraday (>= 0.7.4)
      http-cookie (~> 1.0.0)
    faraday_middleware (0.10.1)
      faraday (>= 0.7.4, < 1.0)
    fastimage (1.9.0)
      addressable (~> 2.3.5)
    fourflusher (2.0.1)
    fuzzy_match (2.0.4)
    gh_inspector (1.0.2)
    highline (1.7.8)
    http-cookie (1.0.3)
      domain_name (~> 0.5)
    i18n (0.7.0)
    json (1.8.3)
    methadone (1.9.3)
      bundler
    minitest (5.9.1)
    molinillo (0.5.4)
    motion-awesome (0.0.6)
      motion-map
    motion-cocoapods (1.8.1)
      cocoapods (>= 1.0.0)
    motion-kit (1.1.1)
      dbt (~> 1.1, >= 1.1.5)
    motion-map (0.0.4)
    motion-provisioning (0.0.7)
      spaceship (~> 0.38)
    motion-require (0.2.0)
    motion_print (1.2.0)
    multi_xml (0.5.5)
    multipart-post (2.0.0)
    nanaimo (0.2.2)
    nap (1.1.0)
    netrc (0.7.8)
    plist (3.2.0)
    rake (11.3.0)
    security (0.1.3)
    spaceship (0.38.1)
      colored
      credentials_manager (>= 0.16.0)
      faraday (~> 0.9)
      faraday-cookie_jar (~> 0.0.6)
      faraday_middleware (~> 0.9)
      fastimage (~> 1.6)
      multi_xml (~> 0.5)
      plist (>= 3.1.0, < 4.0.0)
    sugarcube (3.4.0)
    thread_safe (0.3.5)
    tzinfo (1.2.2)
      thread_safe (~> 0.1)
    unf (0.1.4)
      unf_ext
    unf_ext (0.0.7.2)
    xcodeproj (1.4.1)
      CFPropertyList (~> 2.3.3)
      activesupport (>= 3)
      claide (>= 1.0.1, < 2.0)
      colored (~> 1.2)
      nanaimo (~> 0.2.0)

PLATFORMS
  ruby

DEPENDENCIES
  ProMotion
  afmotion
  motion-awesome
  motion-cocoapods
  motion-kit
  motion-provisioning
  rake
  sugarcube

BUNDLED WITH
   1.12.5
